GIT
  remote: https://github.com/daumiller/ssdp
  revision: d49bdea6b7a4732d04c914f7d81fa383fc31bcfa
  specs:
    ssdp (1.1.5)

GIT
  remote: https://github.com/gotwalt/sonos
  revision: a8fed525e6920dd13ee29a0903f085c969f80e4e
  specs:
    sonos (0.3.6)
      httpclient
      nokogiri
      savon (~> 2.0)
      ssdp
      thor

PATH
  remote: .
  specs:
    sonos_slack_bot (0.0.1)
      activesupport
      celluloid (~> 0.18.0.pre)
      celluloid-io
      celluloid-pool
      celluloid-redis
      celluloid-supervision
      slack-ruby-client

GEM
  remote: https://rubygems.org/
  specs:
    activesupport (5.1.4)
      concurrent-ruby (~> 1.0, >= 1.0.2)
      i18n (~> 0.7)
      minitest (~> 5.1)
      tzinfo (~> 1.1)
    akami (1.3.1)
      gyoku (>= 0.4.0)
      nokogiri
    builder (3.2.3)
    celluloid (0.18.0.pre)
      celluloid-essentials
      celluloid-extras
      celluloid-fsm
      celluloid-pool
      celluloid-supervision
      timers (>= 4.1.1)
    celluloid-essentials (0.20.5)
      timers (>= 4.1.1)
    celluloid-extras (0.20.5)
      timers (>= 4.1.1)
    celluloid-fsm (0.20.5)
      timers (>= 4.1.1)
    celluloid-io (0.17.3)
      celluloid (>= 0.17.2)
      nio4r (>= 1.1)
      timers (>= 4.1.1)
    celluloid-pool (0.20.5)
      timers (>= 4.1.1)
    celluloid-redis (0.0.2)
      celluloid-io (>= 0.13.0.pre)
      redis
    celluloid-supervision (0.20.6)
      timers (>= 4.1.1)
    coderay (1.1.2)
    concurrent-ruby (1.0.5)
    diff-lcs (1.3)
    faraday (0.14.0)
      multipart-post (>= 1.2, < 3)
    faraday_middleware (0.12.2)
      faraday (>= 0.7.4, < 1.0)
    ffi (1.9.18)
    formatador (0.2.5)
    gli (2.17.1)
    god (0.13.7)
    guard (2.14.1)
      formatador (>= 0.2.4)
      listen (>= 2.7, < 4.0)
      lumberjack (~> 1.0)
      nenv (~> 0.1)
      notiffany (~> 0.0)
      pry (>= 0.9.12)
      shellany (~> 0.0)
      thor (>= 0.18.1)
    guard-compat (1.2.1)
    guard-rspec (4.7.3)
      guard (~> 2.1)
      guard-compat (~> 1.1)
      rspec (>= 2.99.0, < 4.0)
    gyoku (1.3.1)
      builder (>= 2.1.2)
    hashie (3.5.7)
    hitimes (1.2.6)
    httpclient (2.8.3)
    httpi (2.4.2)
      rack
      socksify
    i18n (0.9.3)
      concurrent-ruby (~> 1.0)
    listen (3.1.5)
      rb-fsevent (~> 0.9, >= 0.9.4)
      rb-inotify (~> 0.9, >= 0.9.7)
      ruby_dep (~> 1.2)
    lumberjack (1.0.12)
    method_source (0.9.0)
    mini_portile2 (2.3.0)
    minitest (5.11.2)
    multipart-post (2.0.0)
    nenv (0.3.0)
    net-ssh (4.2.0)
    nio4r (2.2.0)
    nokogiri (1.8.2)
      mini_portile2 (~> 2.3.0)
    nori (2.6.0)
    notiffany (0.1.1)
      nenv (~> 0.1)
      shellany (~> 0.0)
    pry (0.11.3)
      coderay (~> 1.1.0)
      method_source (~> 0.9.0)
    rack (2.0.3)
    rake (10.5.0)
    rb-fsevent (0.10.2)
    rb-inotify (0.9.10)
      ffi (>= 0.5.0, < 2)
    redis (4.0.1)
    rspec (3.7.0)
      rspec-core (~> 3.7.0)
      rspec-expectations (~> 3.7.0)
      rspec-mocks (~> 3.7.0)
    rspec-core (3.7.0)
      rspec-support (~> 3.7.0)
    rspec-expectations (3.7.0)
      diff-lcs (>= 1.2.0, < 2.0)
      rspec-support (~> 3.7.0)
    rspec-mocks (3.7.0)
      diff-lcs (>= 1.2.0, < 2.0)
      rspec-support (~> 3.7.0)
    rspec-support (3.7.0)
    ruby_dep (1.5.0)
    savon (2.12.0)
      akami (~> 1.2)
      builder (>= 2.1.2)
      gyoku (~> 1.2)
      httpi (~> 2.3)
      nokogiri (>= 1.8.1)
      nori (~> 2.4)
      wasabi (~> 3.4)
    shellany (0.0.1)
    slack-ruby-client (0.11.1)
      activesupport
      faraday (>= 0.9)
      faraday_middleware
      gli
      hashie
      websocket-driver
    socksify (1.7.1)
    thor (0.20.0)
    thread_safe (0.3.6)
    timers (4.1.2)
      hitimes
    tzinfo (1.2.4)
      thread_safe (~> 0.1)
    wasabi (3.5.0)
      httpi (~> 2.0)
      nokogiri (>= 1.4.2)
    websocket-driver (0.7.0)
      websocket-extensions (>= 0.1.0)
    websocket-extensions (0.1.3)

PLATFORMS
  ruby

DEPENDENCIES
  bundler (~> 1.16)
  god
  guard
  guard-rspec
  net-ssh
  rake (~> 10.0)
  rspec (~> 3.0)
  sonos!
  sonos_slack_bot!
  ssdp!

BUNDLED WITH
   1.16.1
